GEM
  remote: https://rubygems.org/
  specs:
    amazon-ecs (2.5.0)
      nokogiri (~> 1.4)
      ruby-hmac (~> 0.3)
    mini_portile2 (2.3.0)
    nokogiri (1.8.1)
      mini_portile2 (~> 2.3.0)
    ruby-hmac (0.4.0)

PLATFORMS
  ruby

DEPENDENCIES
  amazon-ecs

RUBY VERSION
   ruby 2.4.0p0

BUNDLED WITH
   1.16.0
